GEM
  remote: https://rubygems.org/
  specs:
    ffi (1.9.25)
    foreman (0.85.0)
      thor (~> 0.19.1)
    rb-fsevent (0.10.3)
    rb-inotify (0.9.10)
      ffi (>= 0.5.0, < 2)
    sass (3.5.7)
      sass-listen (~> 4.0.0)
    sass-listen (4.0.0)
      rb-fsevent (~> 0.9, >= 0.9.4)
      rb-inotify (~> 0.9, >= 0.9.7)
    thor (0.19.4)

PLATFORMS
  ruby

DEPENDENCIES
  foreman
  sass

BUNDLED WITH
   1.16.2
